GIT
  remote: https://github.com/mallowlabs/ruboty-nullpo.git
  revision: 717e09dba8a2f421e07ee7b489233381fb9cb189
  specs:
    ruboty-nullpo (0.0.1)
      ruboty

GIT
  remote: https://github.com/mzp/ruboty-misawa.git
  revision: bb64635a99441087a956e8ede162210e2d059847
  specs:
    ruboty-misawa (0.0.1)

GEM
  remote: https://rubygems.org/
  specs:
    activesupport (4.1.5)
      i18n (~> 0.6, >= 0.6.9)
      json (~> 1.7, >= 1.7.7)
      minitest (~> 5.1)
      thread_safe (~> 0.1)
      tzinfo (~> 1.1)
    chrono (0.0.4)
      activesupport
    coderay (1.1.0)
    dotenv (0.11.1)
      dotenv-deployment (~> 0.0.2)
    dotenv-deployment (0.0.2)
    faraday (0.9.0)
      multipart-post (>= 1.2, < 3)
    faraday_middleware (0.9.1)
      faraday (>= 0.7.4, < 0.10)
    hashie (3.3.1)
    i18n (0.6.11)
    json (1.8.1)
    mem (0.1.5)
    method_source (0.8.2)
    minitest (5.4.1)
    multi_xml (0.5.5)
    multipart-post (2.0.0)
    nokogiri (1.5.11)
    pry (0.10.1)
      coderay (~> 1.1.0)
      method_source (~> 0.8.1)
      slop (~> 3.4)
    rake (10.3.2)
    redis (3.1.0)
    redis-namespace (1.5.1)
      redis (~> 3.0, >= 3.0.4)
    ruboty (1.0.3)
      activesupport
      bundler
      dotenv
      mem
      slop
    ruboty-alias (0.0.3)
      ruboty
    ruboty-cron (0.0.9)
      activesupport
      chrono
      ruboty (>= 0.2.0)
    ruboty-delay (0.0.1)
      ruboty
    ruboty-echo (0.0.1)
      ruboty
    ruboty-google_image (0.0.7)
      faraday
      faraday_middleware
      ruboty
    ruboty-japan_weather (0.0.3)
      ruboty
      weather_jp (~> 1.0)
    ruboty-lgtm (0.0.3)
      faraday
      faraday_middleware
      ruboty
    ruboty-redis (0.0.4)
      redis
      redis-namespace
      ruboty
    ruboty-rss (0.0.5)
      activesupport
      ruboty (~> 1.0.2)
    ruboty-scorekeeper (0.0.2)
      ruboty
    ruboty-slack (0.1.6)
      ruboty
      xrc (>= 0.0.6)
    ruboty-sushiyuki (0.0.2)
    ruboty-syoboi_calendar (0.0.5)
      activesupport
      ruboty
      syoboi_calendar (= 0.3.1)
    ruboty-zoi (1.1.0)
      ruboty
    slop (3.6.0)
    syoboi_calendar (0.3.1)
      activesupport
      faraday
      faraday_middleware
      hashie
      multi_xml
    thread_safe (0.3.4)
    tzinfo (1.2.2)
      thread_safe (~> 0.1)
    weather_jp (1.0.4)
      nokogiri (~> 1.5.5)
      rake (>= 0.9.2)
    xrc (0.1.2)
      activesupport

PLATFORMS
  ruby

DEPENDENCIES
  pry
  rake
  ruboty-alias
  ruboty-cron
  ruboty-delay
  ruboty-echo
  ruboty-google_image
  ruboty-japan_weather
  ruboty-lgtm
  ruboty-misawa!
  ruboty-nullpo!
  ruboty-redis
  ruboty-rss
  ruboty-scorekeeper
  ruboty-slack
  ruboty-sushiyuki
  ruboty-syoboi_calendar
  ruboty-zoi
